GEM
  remote: https://rubygems.org/
  specs:
    ffi (1.9.10)
    minitest (5.7.0)

PLATFORMS
  ruby

DEPENDENCIES
  ffi
  minitest
